PATH
  remote: .
  specs:
    chronicles (0.1.0)
      concurrent-ruby
      concurrent-ruby-edge
      i18n
      mail
      state_machines

GEM
  remote: https://rubygems.org/
  specs:
    coderay (1.1.2)
    concurrent-ruby (1.1.5)
    concurrent-ruby-edge (0.5.0)
      concurrent-ruby (~> 1.1.5)
    diff-lcs (1.3)
    dotenv (2.7.5)
    i18n (1.6.0)
      concurrent-ruby (~> 1.0)
    mail (2.7.1)
      mini_mime (>= 0.1.1)
    method_source (0.9.2)
    mini_mime (1.0.2)
    pry (0.12.2)
      coderay (~> 1.1.0)
      method_source (~> 0.9.0)
    rake (13.0.1)
    rspec (3.8.0)
      rspec-core (~> 3.8.0)
      rspec-expectations (~> 3.8.0)
      rspec-mocks (~> 3.8.0)
    rspec-core (3.8.2)
      rspec-support (~> 3.8.0)
    rspec-expectations (3.8.4)
      diff-lcs (>= 1.2.0, < 2.0)
      rspec-support (~> 3.8.0)
    rspec-mocks (3.8.1)
      diff-lcs (>= 1.2.0, < 2.0)
      rspec-support (~> 3.8.0)
    rspec-support (3.8.2)
    state_machines (0.5.0)

PLATFORMS
  ruby

DEPENDENCIES
  bundler (~> 1.17)
  chronicles!
  dotenv
  pry
  rake (~> 13.0)
  rspec (~> 3.0)

BUNDLED WITH
   1.17.2
